PATH
  remote: .
  specs:
    cdnjs-rails (1.0.1)

GEM
  remote: https://rubygems.org/
  specs:

PLATFORMS
  ruby

DEPENDENCIES
  cdnjs-rails!

BUNDLED WITH
   1.10.6
